PATH
  remote: .
  specs:
    apt-kusa (0.1.1)
      pixela (>= 1.1.0)
      thor (>= 0.20.3)

GEM
  remote: https://rubygems.org/
  specs:
    faraday (0.15.4)
      multipart-post (>= 1.2, < 3)
    faraday_curl (0.0.2)
      faraday (>= 0.9.0)
    faraday_middleware (0.13.1)
      faraday (>= 0.7.4, < 1.0)
    hashie (3.6.0)
    minitest (5.11.3)
    multipart-post (2.0.0)
    pixela (1.1.0)
      faraday
      faraday_curl
      faraday_middleware
      hashie
    rake (10.5.0)
    thor (0.20.3)

PLATFORMS
  ruby

DEPENDENCIES
  apt-kusa!
  bundler (~> 1.17)
  minitest (~> 5.0)
  rake (~> 10.0)

BUNDLED WITH
   1.17.0
